PATH
  remote: .
  specs:
    cyprus-street-names (0.1.0)
      spreadsheet (~> 0.7.3)

GEM
  remote: http://rubygems.org/
  specs:
    diff-lcs (1.1.3)
    rake (0.9.2.2)
    rspec (2.11.0)
      rspec-core (~> 2.11.0)
      rspec-expectations (~> 2.11.0)
      rspec-mocks (~> 2.11.0)
    rspec-core (2.11.1)
    rspec-expectations (2.11.2)
      diff-lcs (~> 1.1.3)
    rspec-mocks (2.11.1)
    ruby-ole (1.2.11.4)
    spreadsheet (0.7.3)
      ruby-ole (>= 1.0)

PLATFORMS
  ruby

DEPENDENCIES
  cyprus-street-names!
  rake
  rspec (~> 2.11.0)
